GEM
  remote: https://rubygems.org/
  specs:
    faraday (0.13.1)
      multipart-post (>= 1.2, < 3)
    faraday_middleware (0.12.2)
      faraday (>= 0.7.4, < 1.0)
    feedjira (2.1.2)
      faraday (>= 0.9)
      faraday_middleware (>= 0.9)
      loofah (>= 2.0)
      sax-machine (>= 1.0)
    ffi (1.9.18)
    httparty (0.15.6)
      multi_xml (>= 0.5.2)
    loofah (2.0.3)
      nokogiri (>= 1.5.9)
    mako_rss (0.2.2)
      feedjira (~> 2.0)
      httparty (~> 0.15)
      nokogiri (~> 1.8)
      sass (~> 3.4)
    mini_portile2 (2.2.0)
    multi_xml (0.6.0)
    multipart-post (2.0.0)
    nokogiri (1.8.0)
      mini_portile2 (~> 2.2.0)
    rb-fsevent (0.10.2)
    rb-inotify (0.9.10)
      ffi (>= 0.5.0, < 2)
    sass (3.5.1)
      sass-listen (~> 4.0.0)
    sass-listen (4.0.0)
      rb-fsevent (~> 0.9, >= 0.9.4)
      rb-inotify (~> 0.9, >= 0.9.7)
    sax-machine (1.3.2)

PLATFORMS
  ruby

DEPENDENCIES
  mako_rss

BUNDLED WITH
   1.11.2
