GEM
  remote: https://rubygems.org/
  specs:
    crass (1.0.4)
    faraday (0.15.4)
      multipart-post (>= 1.2, < 3)
    faraday_middleware (0.12.2)
      faraday (>= 0.7.4, < 1.0)
    feedjira (2.2.0)
      faraday (>= 0.9)
      faraday_middleware (>= 0.9)
      loofah (>= 2.0)
      sax-machine (>= 1.0)
    ffi (1.9.25)
    httparty (0.16.3)
      mime-types (~> 3.0)
      multi_xml (>= 0.5.2)
    loofah (2.2.3)
      crass (~> 1.0.2)
      nokogiri (>= 1.5.9)
    mako_rss (0.2.5)
      feedjira (~> 2.0)
      httparty (~> 0.15)
      nokogiri (~> 1.8)
      sassc (~> 2.0)
    mime-types (3.2.2)
      mime-types-data (~> 3.2015)
    mime-types-data (3.2018.0812)
    mini_portile2 (2.3.0)
    multi_xml (0.6.0)
    multipart-post (2.0.0)
    nokogiri (1.8.5)
      mini_portile2 (~> 2.3.0)
    rake (12.3.1)
    sassc (2.0.0)
      ffi (~> 1.9.6)
      rake
    sax-machine (1.3.2)

PLATFORMS
  ruby

DEPENDENCIES
  mako_rss

BUNDLED WITH
   1.15.4
