GEM
  remote: https://rubygems.org/
  specs:
    faraday (0.12.1)
      multipart-post (>= 1.2, < 3)
    faraday_middleware (0.11.0.1)
      faraday (>= 0.7.4, < 1.0)
    feedjira (2.1.2)
      faraday (>= 0.9)
      faraday_middleware (>= 0.9)
      loofah (>= 2.0)
      sax-machine (>= 1.0)
    httparty (0.15.5)
      multi_xml (>= 0.5.2)
    loofah (2.0.3)
      nokogiri (>= 1.5.9)
    mako_rss (0.2.0)
      feedjira (~> 2.0)
      httparty (~> 0.15)
      nokogiri (~> 1.8)
      sass (~> 3.4)
    mini_portile2 (2.2.0)
    multi_xml (0.6.0)
    multipart-post (2.0.0)
    nokogiri (1.8.0)
      mini_portile2 (~> 2.2.0)
    sass (3.4.25)
    sax-machine (1.3.2)

PLATFORMS
  ruby

DEPENDENCIES
  mako_rss

BUNDLED WITH
   1.11.2
